PATH
  remote: .
  specs:
    dopeness (0.1.0)

GEM
  remote: https://rubygems.org/
  specs:
    cabocha (0.69.1)
    diff-lcs (1.3)
    levenshtein (0.2.2)
    mecab (0.996)
    rake (10.4.2)
    rspec (3.4.0)
      rspec-core (~> 3.4.0)
      rspec-expectations (~> 3.4.0)
      rspec-mocks (~> 3.4.0)
    rspec-core (3.4.4)
      rspec-support (~> 3.4.0)
    rspec-expectations (3.4.0)
      diff-lcs (>= 1.2.0, < 2.0)
      rspec-support (~> 3.4.0)
    rspec-mocks (3.4.1)
      diff-lcs (>= 1.2.0, < 2.0)
      rspec-support (~> 3.4.0)
    rspec-support (3.4.1)
    trigram (0.0.1)

PLATFORMS
  ruby

DEPENDENCIES
  bundler (~> 1.16)
  cabocha (~> 0.69.1)
  dopeness!
  levenshtein (~> 0.2.2)
  mecab (~> 0.996)
  rake (~> 10.0)
  rspec (~> 3.0)
  trigram (~> 0.0.1)

BUNDLED WITH
   1.16.1
